GIT
  remote: https://github.com/performant-software/fuzzy-dates.git
  revision: fa3f237882f9c89888f82af41f6fe2b8ff2281a3
  tag: v0.1.0
  specs:
    fuzzy_dates (0.1.0)
      rails (>= 6.0.3.2, < 8)
      resource_api

GIT
  remote: https://github.com/performant-software/jwt-auth.git
  revision: fa54af0cdcad6122fad10d9ad745b814c2918853
  tag: v0.1.2
  specs:
    jwt_auth (0.1.0)
      jwt (~> 2.7.1)
      rails (~> 7.0.7)

GIT
  remote: https://github.com/performant-software/triple-eye-effable.git
  revision: e36a09bb6b182149719cb1e7c3aa8c785886093c
  tag: v0.2.1
  specs:
    triple_eye_effable (0.1.0)
      httparty (~> 0.20.0)
      rails (>= 6.0.3.2, < 8)

GIT
  remote: https://github.com/performant-software/user-defined-fields.git
  revision: 5a71c96a5f16d6a0d0c00c2fe8dbad285c0bb8fb
  tag: v0.1.12
  specs:
    user_defined_fields (0.1.0)
      rails (>= 6.0.3.2, < 8)
      resource_api

PATH
  remote: ../resource-api
  specs:
    resource_api (0.1.0)
      pagy (~> 5.10)
      pundit (~> 2.3.1)
      rails (>= 7.0, < 8)

PATH
  remote: .
  specs:
    core_data_connector (0.1.0)
      activerecord-postgis-adapter (~> 8.0)
      faker
      fuzzy_dates
      jwt (~> 2.7.1)
      jwt_auth
      rack-cors (~> 2.0.1)
      rails (>= 6.0.3.2, < 8)
      resource_api
      rexml (~> 3.2)
      rgeo-geojson (~> 2.1)
      rubyzip (~> 2.3.2)
      triple_eye_effable
      typesense (~> 0.14)
      typhoeus (~> 1.4)
      user_defined_fields

GEM
  remote: https://rubygems.org/
  specs:
    actioncable (7.0.7)
      actionpack (= 7.0.7)
      activesupport (= 7.0.7)
      nio4r (~> 2.0)
      websocket-driver (>= 0.6.1)
    actionmailbox (7.0.7)
      actionpack (= 7.0.7)
      activejob (= 7.0.7)
      activerecord (= 7.0.7)
      activestorage (= 7.0.7)
      activesupport (= 7.0.7)
      mail (>= 2.7.1)
      net-imap
      net-pop
      net-smtp
    actionmailer (7.0.7)
      actionpack (= 7.0.7)
      actionview (= 7.0.7)
      activejob (= 7.0.7)
      activesupport (= 7.0.7)
      mail (~> 2.5, >= 2.5.4)
      net-imap
      net-pop
      net-smtp
      rails-dom-testing (~> 2.0)
    actionpack (7.0.7)
      actionview (= 7.0.7)
      activesupport (= 7.0.7)
      rack (~> 2.0, >= 2.2.4)
      rack-test (>= 0.6.3)
      rails-dom-testing (~> 2.0)
      rails-html-sanitizer (~> 1.0, >= 1.2.0)
    actiontext (7.0.7)
      actionpack (= 7.0.7)
      activerecord (= 7.0.7)
      activestorage (= 7.0.7)
      activesupport (= 7.0.7)
      globalid (>= 0.6.0)
      nokogiri (>= 1.8.5)
    actionview (7.0.7)
      activesupport (= 7.0.7)
      builder (~> 3.1)
      erubi (~> 1.4)
      rails-dom-testing (~> 2.0)
      rails-html-sanitizer (~> 1.1, >= 1.2.0)
    activejob (7.0.7)
      activesupport (= 7.0.7)
      globalid (>= 0.3.6)
    activemodel (7.0.7)
      activesupport (= 7.0.7)
    activerecord (7.0.7)
      activemodel (= 7.0.7)
      activesupport (= 7.0.7)
    activerecord-postgis-adapter (8.0.3)
      activerecord (~> 7.0.0)
      rgeo-activerecord (~> 7.0.0)
    activestorage (7.0.7)
      actionpack (= 7.0.7)
      activejob (= 7.0.7)
      activerecord (= 7.0.7)
      activesupport (= 7.0.7)
      marcel (~> 1.0)
      mini_mime (>= 1.1.0)
    activesupport (7.0.7)
      concurrent-ruby (~> 1.0, >= 1.0.2)
      i18n (>= 1.6, < 2)
      minitest (>= 5.1)
      tzinfo (~> 2.0)
    builder (3.2.4)
    concurrent-ruby (1.2.2)
    crass (1.0.6)
    date (3.3.3)
    erubi (1.12.0)
    ethon (0.16.0)
      ffi (>= 1.15.0)
    faker (3.2.1)
      i18n (>= 1.8.11, < 2)
    ffi (1.15.5)
    globalid (1.1.0)
      activesupport (>= 5.0)
    httparty (0.20.0)
      mime-types (~> 3.0)
      multi_xml (>= 0.5.2)
    i18n (1.14.1)
      concurrent-ruby (~> 1.0)
    jwt (2.7.1)
    loofah (2.21.3)
      crass (~> 1.0.2)
      nokogiri (>= 1.12.0)
    mail (2.8.1)
      mini_mime (>= 0.1.1)
      net-imap
      net-pop
      net-smtp
    marcel (1.0.2)
    method_source (1.0.0)
    mime-types (3.5.1)
      mime-types-data (~> 3.2015)
    mime-types-data (3.2023.0808)
    mini_mime (1.1.5)
    minitest (5.19.0)
    multi_xml (0.6.0)
    net-imap (0.3.7)
      date
      net-protocol
    net-pop (0.1.2)
      net-protocol
    net-protocol (0.2.1)
      timeout
    net-smtp (0.3.3)
      net-protocol
    nio4r (2.5.9)
    nokogiri (1.15.3-arm64-darwin)
      racc (~> 1.4)
    nokogiri (1.15.3-x86_64-darwin)
      racc (~> 1.4)
    oj (3.14.3)
    pagy (5.10.1)
      activesupport
    pundit (2.3.1)
      activesupport (>= 3.0.0)
    racc (1.7.1)
    rack (2.2.8)
    rack-cors (2.0.1)
      rack (>= 2.0.0)
    rack-test (2.1.0)
      rack (>= 1.3)
    rails (7.0.7)
      actioncable (= 7.0.7)
      actionmailbox (= 7.0.7)
      actionmailer (= 7.0.7)
      actionpack (= 7.0.7)
      actiontext (= 7.0.7)
      actionview (= 7.0.7)
      activejob (= 7.0.7)
      activemodel (= 7.0.7)
      activerecord (= 7.0.7)
      activestorage (= 7.0.7)
      activesupport (= 7.0.7)
      bundler (>= 1.15.0)
      railties (= 7.0.7)
    rails-dom-testing (2.2.0)
      activesupport (>= 5.0.0)
      minitest
      nokogiri (>= 1.6)
    rails-html-sanitizer (1.6.0)
      loofah (~> 2.21)
      nokogiri (~> 1.14)
    railties (7.0.7)
      actionpack (= 7.0.7)
      activesupport (= 7.0.7)
      method_source
      rake (>= 12.2)
      thor (~> 1.0)
      zeitwerk (~> 2.5)
    rake (13.0.6)
    rexml (3.2.6)
    rgeo (3.0.0)
    rgeo-activerecord (7.0.1)
      activerecord (>= 5.0)
      rgeo (>= 1.0.0)
    rgeo-geojson (2.1.1)
      rgeo (>= 1.0.0)
    rubyzip (2.3.2)
    sqlite3 (1.6.3-arm64-darwin)
    sqlite3 (1.6.3-x86_64-darwin)
    thor (1.2.2)
    timeout (0.4.0)
    typesense (0.14.1)
      oj (~> 3.11)
      typhoeus (~> 1.4)
    typhoeus (1.4.0)
      ethon (>= 0.9.0)
    tzinfo (2.0.6)
      concurrent-ruby (~> 1.0)
    websocket-driver (0.7.6)
      websocket-extensions (>= 0.1.0)
    websocket-extensions (0.1.5)
    zeitwerk (2.6.11)

PLATFORMS
  arm64-darwin-22
  arm64-darwin-24
  x86_64-darwin-19
  x86_64-darwin-23

DEPENDENCIES
  core_data_connector!
  faker (~> 3.2.1)
  fuzzy_dates!
  jwt_auth!
  resource_api!
  sqlite3
  triple_eye_effable!
  user_defined_fields!

BUNDLED WITH
   2.3.16
